REDIRECTS: ON
RESTRICTION: >= net46
NUGET
  remote: https://api.nuget.org/v3/index.json
    DiffSharp (0.7.7)
      FSharp.Quotations.Evaluator (>= 1.0.6)
    DynamicInterop (0.8.1)
    FSharp.Compiler.Service (27.0.1)
      FSharp.Core (>= 4.5.2)
      System.Collections.Immutable (>= 1.5)
      System.Reflection.Metadata (>= 1.6)
      System.ValueTuple (>= 4.4)
    FSharp.Core (4.6.2)
    FSharp.Formatting (3.1)
      FSharp.Compiler.Service (>= 27.0.1 < 28.0)
      Microsoft.AspNet.Razor (>= 3.2.7 < 4.0)
      System.ValueTuple (>= 4.5 < 5.0)
    FSharp.Quotations.Evaluator (1.1.3)
      FSharp.Core (>= 3.0.2)
    Google.DataTable.Net.Wrapper (4.0)
    Microsoft.AspNet.Razor (3.2.7)
    Newtonsoft.Json (12.0.2)
    R.NET (1.7)
      DynamicInterop (0.8.1)
    R.NET.Community (1.7)
      R.NET (>= 1.7)
    R.NET.Community.FSharp (1.7)
      R.NET.FSharp (>= 1.7)
    R.NET.FSharp (1.7)
      R.NET (>= 1.7)
    RProvider (1.1.22)
      DynamicInterop (0.8.1)
      R.NET.Community (1.7)
      R.NET.Community.FSharp (1.7)
    System.Collections.Immutable (1.5)
    System.Reflection.Metadata (1.6)
      System.Collections.Immutable (>= 1.5)
    System.ValueTuple (4.5)
    XPlot.GoogleCharts (2.0)
      FSharp.Core
      Google.DataTable.Net.Wrapper (>= 4.0.0-rc1)
      Newtonsoft.Json (>= 12.0.1)
    XPlot.GoogleCharts.WPF (1.3)
      XPlot.GoogleCharts (>= 1.3)
