FRAMEWORK: >= NET46
NUGET
  remote: https://www.nuget.org/api/v2
  specs:
    DiffSharp (0.7.7)
      FSharp.Quotations.Evaluator (>= 1.0.6)
    DynamicInterop (0.7.4)
    FSharp.Compiler.Service (0.0.90)
    FSharp.Formatting (2.11)
      FSharp.Compiler.Service (>= 0.0.90 <= 1.3)
      FSharpVSPowerTools.Core (1.9)
    FSharp.Quotations.Evaluator (1.0.6)
    FSharpVSPowerTools.Core (1.9)
      FSharp.Compiler.Service (>= 0.0.90)
    Google.DataTable.Net.Wrapper (3.1.2)
    Newtonsoft.Json (7.0.1)
    R.NET.Community (1.6.4)
      DynamicInterop (0.7.4)
    R.NET.Community.FSharp (1.6.4)
      R.NET.Community (>= 1.6.4)
    RProvider (1.1.14)
      DynamicInterop (0.7.4)
      R.NET.Community (1.6.4)
      R.NET.Community.FSharp (1.6.4)
    XPlot.GoogleCharts (1.2.1)
      Google.DataTable.Net.Wrapper
      Newtonsoft.Json
    XPlot.GoogleCharts.WPF (1.2.1)
      XPlot.GoogleCharts (>= 1.2.1)
